GEM
  remote: https://rubygems.org/
  specs:
    ast (2.4.2)
    concurrent-ruby (1.1.10)
    connection_pool (2.3.0)
    mustermann (1.1.1)
      ruby2_keywords (~> 0.0.1)
    nio4r (2.5.8)
    nio4r (2.5.8-java)
    parallel (1.22.1)
    parser (3.1.2.0)
      ast (~> 2.4.1)
    puma (6.0.0)
      nio4r (~> 2.0)
    puma (6.0.0-java)
      nio4r (~> 2.0)
    rack (2.2.4)
    rack-protection (2.2.0)
      rack
    rainbow (3.1.1)
    rake (13.0.6)
    redis-client (0.11.0)
      connection_pool
    regexp_parser (2.5.0)
    rexml (3.2.5)
    rt_rubocop_defaults (2.4.0)
      rubocop (~> 1.25)
    rubocop (1.30.0)
      parallel (~> 1.10)
      parser (>= 3.1.0.0)
      rainbow (>= 2.2.2, < 4.0)
      regexp_parser (>= 1.8, < 3.0)
      rexml (>= 3.2.5, < 4.0)
      rubocop-ast (>= 1.18.0, < 2.0)
      ruby-progressbar (~> 1.7)
      unicode-display_width (>= 1.4.0, < 3.0)
    rubocop-ast (1.18.0)
      parser (>= 3.1.1.0)
    rubocop-rake (0.6.0)
      rubocop (~> 1.0)
    rubocop_runner (2.2.0)
    ruby-progressbar (1.11.0)
    ruby2_keywords (0.0.5)
    rubyzip (2.3.2)
    sidekiq (7.0.0)
      concurrent-ruby (< 2)
      connection_pool (>= 2.3.0)
      rack (>= 2.2.4)
      redis-client (>= 0.9.0)
    sidekiq-undertaker (1.6.0)
      rubyzip (~> 2.3)
      sidekiq (>= 6.4, < 8)
    sinatra (2.2.0)
      mustermann (~> 1.0)
      rack (~> 2.2)
      rack-protection (= 2.2.0)
      tilt (~> 2.0)
    tilt (2.0.10)
    unicode-display_width (2.1.0)

PLATFORMS
  universal-java-11
  x86_64-darwin-19
  x86_64-darwin-21

DEPENDENCIES
  puma (~> 6)
  rake (~> 13)
  rt_rubocop_defaults (~> 2.4)
  rubocop-rake (~> 0.6)
  rubocop_runner (~> 2.2)
  sidekiq (>= 7)
  sidekiq-undertaker (~> 1.6)
  sinatra (~> 2.2)

BUNDLED WITH
   2.3.22
